GEM
  remote: http://ruby.taobao.org/
  specs:
    ceaser-easing (0.7)
      compass (>= 0.12.2)
      rake
    chunky_png (1.3.1)
    compass (1.0.1)
      chunky_png (~> 1.2)
      compass-core (~> 1.0.1)
      compass-import-once (~> 1.0.5)
      rb-fsevent (>= 0.9.3)
      rb-inotify (>= 0.9)
      sass (>= 3.3.13, < 3.5)
    compass-core (1.0.1)
      multi_json (~> 1.0)
      sass (>= 3.3.0, < 3.5)
    compass-import-once (1.0.5)
      sass (>= 3.2, < 3.5)
    ffi (1.9.5)
    multi_json (1.10.1)
    oily_png (1.1.2)
      chunky_png (~> 1.3.1)
    rake (10.3.2)
    rb-fsevent (0.9.4)
    rb-inotify (0.9.5)
      ffi (>= 0.5.0)
    sass (3.4.5)

PLATFORMS
  ruby

DEPENDENCIES
  ceaser-easing
  compass (= 1.0.1)
  oily_png
  sass (= 3.4.5)
